GEM
  remote: https://rubygems.org/
  specs:
    ansi (1.5.0)
    backports (3.14.0)
    bcrypt (3.1.12)
    builder (3.2.3)
    docile (1.3.1)
    erubis (2.7.0)
    fileutils (1.2.0)
    json (2.2.0)
    minitest (5.11.3)
    minitest-reporters (1.3.6)
      ansi
      builder
      minitest (>= 5.0)
      ruby-progressbar
    multi_json (1.13.1)
    mustermann (1.0.3)
    nio4r (2.5.8)
    puma (4.3.11)
      nio4r (~> 2.0)
    rack (2.0.7)
    rack-protection (2.0.5)
      rack
    rack-test (1.1.0)
      rack (>= 1.0, < 3)
    redcarpet (3.4.0)
    ruby-progressbar (1.10.0)
    simplecov (0.16.1)
      docile (~> 1.1)
      json (>= 1.8, < 3)
      simplecov-html (~> 0.10.0)
    simplecov-html (0.10.2)
    sinatra (2.0.5)
      mustermann (~> 1.0)
      rack (~> 2.0)
      rack-protection (= 2.0.5)
      tilt (~> 2.0)
    sinatra-contrib (2.0.5)
      backports (>= 2.8.2)
      multi_json
      mustermann (~> 1.0)
      rack-protection (= 2.0.5)
      sinatra (= 2.0.5)
      tilt (>= 1.3, < 3)
    tilt (2.0.9)

PLATFORMS
  ruby

DEPENDENCIES
  bcrypt
  erubis
  fileutils
  minitest
  minitest-reporters
  puma
  rack-test
  redcarpet
  simplecov
  sinatra
  sinatra-contrib

RUBY VERSION
   ruby 2.6.1p33

BUNDLED WITH
   2.0.1
